PATH
  remote: .
  specs:
    rubytree (1.0.0)
      json (~> 2.1)

GEM
  remote: https://rubygems.org/
  specs:
    coveralls (0.8.21)
      json (>= 1.8, < 3)
      simplecov (~> 0.14.1)
      term-ansicolor (~> 1.3)
      thor (~> 0.19.4)
      tins (~> 1.6)
    diff-lcs (1.3)
    docile (1.1.5)
    json (2.1.0)
    power_assert (1.1.1)
    rake (10.5.0)
    rdoc (6.0.0)
    rspec (3.7.0)
      rspec-core (~> 3.7.0)
      rspec-expectations (~> 3.7.0)
      rspec-mocks (~> 3.7.0)
    rspec-core (3.7.0)
      rspec-support (~> 3.7.0)
    rspec-expectations (3.7.0)
      diff-lcs (>= 1.2.0, < 2.0)
      rspec-support (~> 3.7.0)
    rspec-mocks (3.7.0)
      diff-lcs (>= 1.2.0, < 2.0)
      rspec-support (~> 3.7.0)
    rspec-support (3.7.0)
    rtags (0.97)
    rtagstask (0.0.4)
      rtags (> 0.0.0)
    simplecov (0.14.1)
      docile (~> 1.1.0)
      json (>= 1.8, < 3)
      simplecov-html (~> 0.10.0)
    simplecov-html (0.10.2)
    term-ansicolor (1.6.0)
      tins (~> 1.0)
    test-unit (3.2.7)
      power_assert
    thor (0.19.4)
    tins (1.16.3)
    yard (0.9.12)

PLATFORMS
  ruby

DEPENDENCIES
  bundler (~> 1.16)
  coveralls (>= 0.7)
  rake (~> 10.4)
  rdoc (~> 6.0)
  rspec (>= 3.4)
  rtagstask (~> 0.0)
  rubytree!
  simplecov
  test-unit (~> 3.0)
  yard (~> 0.9)

BUNDLED WITH
   1.17.3
